GIT
  remote: git://github.com/bblimke/webmock.git
  revision: 94500e64df988aadd2b81144c69044481bb19b37
  specs:
    webmock (1.11.0)
      addressable (>= 2.2.7)
      crack (>= 0.3.2)

GIT
  remote: git://github.com/sporkmonger/addressable.git
  revision: f994d5e06929685132c0daec76de6e3820c73355
  specs:
    addressable (2.3.4)

GEM
  remote: https://rubygems.org/
  specs:
    columnize (0.3.6)
    crack (0.4.0)
      safe_yaml (~> 0.9.0)
    debugger (1.6.0)
      columnize (>= 0.3.1)
      debugger-linecache (~> 1.2.0)
      debugger-ruby_core_source (~> 1.2.1)
    debugger-linecache (1.2.0)
    debugger-ruby_core_source (1.2.2)
    safe_yaml (0.9.3)

PLATFORMS
  ruby

DEPENDENCIES
  addressable!
  debugger
  webmock!
