GIT
  remote: git://github.com/sporkmonger/addressable.git
  revision: 0c60470633503c37f26429016bf18837641cb516
  specs:
    addressable (2.3.5)

GEM
  remote: https://rubygems.org/
  specs:
    columnize (0.3.6)
    crack (0.4.0)
      safe_yaml (~> 0.9.0)
    debugger (1.6.0)
      columnize (>= 0.3.1)
      debugger-linecache (~> 1.2.0)
      debugger-ruby_core_source (~> 1.2.1)
    debugger-linecache (1.2.0)
    debugger-ruby_core_source (1.2.2)
    safe_yaml (0.9.3)
    webmock (1.12.2)
      addressable (>= 2.2.7)
      crack (>= 0.3.2)

PLATFORMS
  ruby

DEPENDENCIES
  addressable!
  debugger
  webmock (= 1.12.2)
