GIT
  remote: git://github.com/bblimke/webmock.git
  revision: 0af60fd931106453e70dd9970a615f6e7ec98808
  specs:
    webmock (1.12.0)
      addressable (>= 2.2.7)
      crack (>= 0.3.2)

GIT
  remote: git://github.com/sporkmonger/addressable.git
  revision: 66d77341fd04d12ec758be341b68dd3d5927e5e3
  specs:
    addressable (2.3.4)

GEM
  remote: https://rubygems.org/
  specs:
    columnize (0.3.6)
    crack (0.4.0)
      safe_yaml (~> 0.9.0)
    debugger (1.6.0)
      columnize (>= 0.3.1)
      debugger-linecache (~> 1.2.0)
      debugger-ruby_core_source (~> 1.2.1)
    debugger-linecache (1.2.0)
    debugger-ruby_core_source (1.2.2)
    safe_yaml (0.9.3)

PLATFORMS
  ruby

DEPENDENCIES
  addressable!
  debugger
  webmock!
